PATH
  remote: .
  specs:
    rubillow (0.0.4)
      nokogiri (~> 1.5.0)

GEM
  remote: http://rubygems.org/
  specs:
    bluecloth (2.1.0)
    diff-lcs (1.1.2)
    nokogiri (1.5.6)
    rake (0.9.2)
    rcov (0.9.10)
    rspec (2.6.0)
      rspec-core (~> 2.6.0)
      rspec-expectations (~> 2.6.0)
      rspec-mocks (~> 2.6.0)
    rspec-core (2.6.4)
    rspec-expectations (2.6.0)
      diff-lcs (~> 1.1.2)
    rspec-mocks (2.6.0)
    yard (0.7.2)

PLATFORMS
  ruby

DEPENDENCIES
  bluecloth (>= 2.1.0)
  rake (~> 0.9.2)
  rcov (~> 0.9.10)
  rspec (~> 2.6)
  rubillow!
  yard (>= 0.6.8)
