PATH
  remote: .
  specs:
    rubillow (0.0.5)
      nokogiri (~> 1.5.0)

GEM
  remote: http://rubygems.org/
  specs:
    bluecloth (2.2.0)
    diff-lcs (1.1.3)
    multi_json (1.5.0)
    nokogiri (1.5.6)
    rake (10.0.3)
    rspec (2.12.0)
      rspec-core (~> 2.12.0)
      rspec-expectations (~> 2.12.0)
      rspec-mocks (~> 2.12.0)
    rspec-core (2.12.2)
    rspec-expectations (2.12.1)
      diff-lcs (~> 1.1.3)
    rspec-mocks (2.12.2)
    simplecov (0.7.1)
      multi_json (~> 1.0)
      simplecov-html (~> 0.7.1)
    simplecov-html (0.7.1)
    yard (0.8.3)

PLATFORMS
  ruby

DEPENDENCIES
  bluecloth (~> 2.2.0)
  rake (~> 10.0.3)
  rspec (~> 2.12.0)
  rubillow!
  simplecov (~> 0.7.1)
  yard (~> 0.8.3)
